GEM
  remote: https://rubygems.org/
  specs:
    async (2.8.0)
      console (~> 1.10)
      fiber-annotation
      io-event (~> 1.1)
      timers (~> 4.1)
    console (1.23.3)
      fiber-annotation
      fiber-local
    fiber-annotation (0.2.0)
    fiber-local (1.0.0)
    io-event (1.4.1)
    timers (4.3.5)

PLATFORMS
  x86_64-darwin-21

DEPENDENCIES
  async

RUBY VERSION
   ruby 3.3.0p0

BUNDLED WITH
   2.3.7
