GEM
  remote: https://rubygems.org/
  specs:
    async (2.0.1)
      console (~> 1.10)
      io-event (~> 1.0.0)
      timers (~> 4.1)
    console (1.15.0)
      fiber-local
    fiber-local (1.0.0)
    io-event (1.0.5)
    timers (4.3.3)

PLATFORMS
  x86_64-darwin-21

DEPENDENCIES
  async

RUBY VERSION
   ruby 3.1.2p20

BUNDLED WITH
   2.3.7
